GIT
  remote: git@github.com:mojombo/jekyll.git
  revision: bc806fd2a7269a8c7430f99c78db35bc08de7ef5
  specs:
    jekyll (3.0.0.pre.beta5)
      colorator (~> 0.1)
      jekyll-sass-converter (~> 1.0)
      jekyll-watch (~> 1.1)
      kramdown (~> 1.3)
      liquid (~> 3.0)
      mercenary (~> 0.3.3)
      rouge (~> 1.7)
      safe_yaml (~> 1.0)

GEM
  remote: https://rubygems.org/
  specs:
    celluloid (0.16.0)
      timers (~> 4.0.0)
    coffee-script (2.4.1)
      coffee-script-source
      execjs
    coffee-script-source (1.9.1.1)
    colorator (0.1)
    execjs (2.5.2)
    ffi (1.9.8)
    hitimes (1.2.2)
    jekyll-sass-converter (1.3.0)
      sass (~> 3.2)
    jekyll-watch (1.2.1)
      listen (~> 2.7)
    kramdown (1.7.0)
    liquid (3.0.3)
    listen (2.10.0)
      celluloid (~> 0.16.0)
      rb-fsevent (>= 0.9.3)
      rb-inotify (>= 0.9)
    mercenary (0.3.5)
    rb-fsevent (0.9.5)
    rb-inotify (0.9.5)
      ffi (>= 0.5.0)
    rouge (1.9.0)
    safe_yaml (1.0.4)
    sass (3.4.14)
    timers (4.0.1)
      hitimes

PLATFORMS
  ruby

DEPENDENCIES
  coffee-script
  jekyll!
